GEM
  remote: https://rubygems.org/
  specs:
    addressable (2.3.6)
    launchy (2.4.2)
      addressable (~> 2.3)
    multi_json (1.9.2)
    simplecov (0.7.1)
      multi_json (~> 1.0)
      simplecov-html (~> 0.7.1)
    simplecov-html (0.7.1)

PLATFORMS
  ruby

DEPENDENCIES
  launchy
  simplecov (~> 0.7.1)
